GEM
  remote: http://rubygems.org/
  specs:
    coderay (1.0.8)
    faker (1.1.2)
      i18n (~> 0.5)
    i18n (0.6.1)
    method_source (0.8.1)
    pg (0.14.1)
    pry (0.9.10)
      coderay (~> 1.0.5)
      method_source (~> 0.8)
      slop (~> 3.3.1)
    sequel (3.40.0)
    slop (3.3.3)

PLATFORMS
  ruby

DEPENDENCIES
  faker
  pg
  pry
  sequel
